GIT
  remote: https://github.com/openteam-tusur/auth_client
  revision: af5f3aa92069d9bf257acfa9c16d2295be56b9e6
  specs:
    auth_client (0.0.5)
      activesupport
      auth_redis_user_connector
      configliere
      daemons
      rails

GIT
  remote: https://github.com/openteam-tusur/auth_redis_user_connector
  revision: a64ce48eb63b622b815746b9926087977297423f
  specs:
    auth_redis_user_connector (0.0.8)
      hiredis
      redis

GIT
  remote: https://github.com/openteam-tusur/postman-client
  revision: dbec4c8971d6a647a1caba4939e8c5debe5f1bd8
  specs:
    postman-client (0.0.1)
      rest-client

GEM
  remote: https://rubygems.org/
  remote: https://rails-assets.org/
  specs:
    aasm (4.10.0)
    actionmailer (4.2.7.1)
      actionpack (= 4.2.7.1)
      actionview (= 4.2.7.1)
      activejob (= 4.2.7.1)
      mail (~> 2.5, >= 2.5.4)
      rails-dom-testing (~> 1.0, >= 1.0.5)
    actionpack (4.2.7.1)
      actionview (= 4.2.7.1)
      activesupport (= 4.2.7.1)
      rack (~> 1.6)
      rack-test (~> 0.6.2)
      rails-dom-testing (~> 1.0, >= 1.0.5)
      rails-html-sanitizer (~> 1.0, >= 1.0.2)
    actionview (4.2.7.1)
      activesupport (= 4.2.7.1)
      builder (~> 3.1)
      erubis (~> 2.7.0)
      rails-dom-testing (~> 1.0, >= 1.0.5)
      rails-html-sanitizer (~> 1.0, >= 1.0.2)
    active_attr (0.8.5)
      activemodel (>= 3.0.2, < 5.0)
      activesupport (>= 3.0.2, < 5.0)
    activejob (4.2.7.1)
      activesupport (= 4.2.7.1)
      globalid (>= 0.3.0)
    activemodel (4.2.7.1)
      activesupport (= 4.2.7.1)
      builder (~> 3.1)
    activerecord (4.2.7.1)
      activemodel (= 4.2.7.1)
      activesupport (= 4.2.7.1)
      arel (~> 6.0)
    activesupport (4.2.7.1)
      i18n (~> 0.7)
      json (~> 1.7, >= 1.7.7)
      minitest (~> 5.1)
      thread_safe (~> 0.3, >= 0.3.4)
      tzinfo (~> 1.1)
    addressable (2.3.8)
    airbrake (5.5.0)
      airbrake-ruby (~> 1.5)
    airbrake-ruby (1.5.0)
    airbrussh (1.0.1)
      sshkit (>= 1.6.1, != 1.7.0)
    amq-protocol (1.9.2)
    amqp (1.5.1)
      amq-protocol (~> 1.9)
      eventmachine
    angular-rails-templates (0.2.0)
      railties (>= 3.1)
      sprockets (~> 2)
      tilt
    angular_rails_csrf (1.0.4)
      rails (>= 3, < 5)
    angularjs-file-upload-rails (2.2.0)
    annotate (2.7.1)
      activerecord (>= 3.2, < 6.0)
      rake (>= 10.4, < 12.0)
    arel (6.0.3)
    attribute_normalizer (1.2.0)
    auto_html (1.6.4)
      redcarpet (~> 3.1)
      rinku (~> 1.5.0)
    autoprefixer-rails (6.1.2)
      execjs
      json
    awesome_print (1.6.1)
    bootstrap-sass (3.3.6)
      autoprefixer-rails (>= 5.2.1)
      sass (>= 3.3.4)
    brakeman (3.1.3)
      erubis (~> 2.6)
      fastercsv (~> 1.5)
      haml (>= 3.0, < 5.0)
      highline (>= 1.6.20, < 2.0)
      multi_json (~> 1.2)
      ruby2ruby (>= 2.1.1, < 2.3.0)
      ruby_parser (~> 3.7.0)
      safe_yaml (>= 1.0)
      sass (~> 3.0)
      slim (>= 1.3.6, < 4.0)
      terminal-table (~> 1.4)
    builder (3.2.2)
    bunny (2.0.1)
      amq-protocol (>= 1.9.2)
    cancancan (1.14.0)
    capistrano (3.5.0)
      airbrussh (>= 1.0.0)
      capistrano-harrow
      i18n
      rake (>= 10.0.0)
      sshkit (>= 1.9.0)
    capistrano-auth-subscriber (0.0.1)
      capistrano (~> 3.1)
    capistrano-bundler (1.2.0)
      capistrano (~> 3.1)
      sshkit (~> 1.2)
    capistrano-db-tasks (0.4)
      capistrano (>= 3.0.0)
    capistrano-harrow (0.4.0)
    capistrano-rails (1.1.8)
      capistrano (~> 3.1)
      capistrano-bundler (~> 1.1)
    capistrano-rvm (0.1.2)
      capistrano (~> 3.0)
      sshkit (~> 1.2)
    capistrano-sidekiq (0.5.4)
      capistrano
      sidekiq (>= 3.4)
    capistrano3-unicorn (0.2.1)
      capistrano (~> 3.1, >= 3.1.0)
    chronic (0.10.2)
    chunky_png (1.3.5)
    climate_control (0.0.3)
      activesupport (>= 3.0)
    cocaine (0.5.8)
      climate_control (>= 0.0.3, < 1.0)
    coffee-rails (4.1.0)
      coffee-script (>= 2.2.0)
      railties (>= 4.0.0, < 5.0)
    coffee-script (2.4.1)
      coffee-script-source
      execjs
    coffee-script-source (1.10.0)
    compass (1.0.3)
      chunky_png (~> 1.2)
      compass-core (~> 1.0.2)
      compass-import-once (~> 1.0.5)
      rb-fsevent (>= 0.9.3)
      rb-inotify (>= 0.9)
      sass (>= 3.3.13, < 3.5)
    compass-core (1.0.3)
      multi_json (~> 1.0)
      sass (>= 3.3.0, < 3.5)
    compass-import-once (1.0.5)
      sass (>= 3.2, < 3.5)
    compass-rails (2.0.5)
      compass (~> 1.0.0)
      sass-rails (< 5.1)
      sprockets (< 2.13)
    concurrent-ruby (1.0.1)
    configliere (0.4.18)
      highline (>= 1.5.2)
      multi_json (>= 1.1)
    connection_pool (2.2.0)
    curb (0.8.8)
    daemons (1.2.4)
    diff-lcs (1.2.5)
    domain_name (0.5.25)
      unf (>= 0.0.5, < 1.0.0)
    enumerize (1.1.1)
      activesupport (>= 3.2)
    erubis (2.7.0)
    esp-commons (0.5.3)
      active_attr
      amqp
      bunny
      curb
      daemons
      openteam-commons
      rails
    eventmachine (1.0.8)
    execjs (2.6.0)
    fastercsv (1.5.5)
    ffi (1.9.10)
    font-awesome-rails (4.5.0.0)
      railties (>= 3.2, < 5.0)
    foreman (0.78.0)
      thor (~> 0.19.1)
    friendly_id (5.1.0)
      activerecord (>= 4.0.0)
    geoip (1.6.1)
    gilenson (1.2.2)
    globalid (0.3.7)
      activesupport (>= 4.1.0)
    gravtastic (3.2.6)
    haml (4.0.7)
      tilt
    hashie (3.4.3)
    highline (1.7.8)
    hike (1.2.3)
    hiredis (0.6.1)
    http-cookie (1.0.2)
      domain_name (~> 0.5)
    i18n (0.7.0)
    jbuilder (2.5.0)
      activesupport (>= 3.0.0, < 5.1)
      multi_json (~> 1.2)
    jquery-colorbox-rails (0.3.2)
      railties (>= 3.1, <= 5.0)
    jquery-rails (2.1.4)
      railties (>= 3.0, < 5.0)
      thor (>= 0.14, < 2.0)
    jquery-ui-rails (5.0.5)
      railties (>= 3.2.16)
    json (1.8.3)
    kaminari (0.16.3)
      actionpack (>= 3.0.0)
      activesupport (>= 3.0.0)
    kgio (2.10.0)
    launchy (2.4.3)
      addressable (~> 2.3)
    letter_opener (1.4.1)
      launchy (~> 2.2)
    loofah (2.0.3)
      nokogiri (>= 1.5.9)
    mail (2.6.4)
      mime-types (>= 1.16, < 4)
    mechanize (2.7.4)
      domain_name (~> 0.5, >= 0.5.1)
      http-cookie (~> 1.0)
      mime-types (>= 1.17.2, < 3)
      net-http-digest_auth (~> 1.1, >= 1.1.1)
      net-http-persistent (~> 2.5, >= 2.5.2)
      nokogiri (~> 1.6)
      ntlm-http (~> 0.1, >= 0.1.1)
      webrobots (>= 0.0.9, < 0.2)
    mime-types (2.99.3)
    mimemagic (0.3.0)
    mini_portile2 (2.1.0)
    minitest (5.9.1)
    multi_json (1.12.1)
    net-http-digest_auth (1.4)
    net-http-persistent (2.9.4)
    net-scp (1.2.1)
      net-ssh (>= 2.6.5)
    net-ssh (3.1.1)
    netrc (0.11.0)
    ngannotate-rails (1.2.2)
      execjs
      rails (>= 3.1)
    nokogiri (1.6.8.1)
      mini_portile2 (~> 2.1.0)
    non-stupid-digest-assets (1.0.6)
      sprockets (>= 2.0)
    ntlm-http (0.1.1)
    openteam-capistrano (1.0.16)
      airbrake
      capistrano (~> 3.5.0)
      capistrano-db-tasks
      capistrano-rails
      capistrano-rvm
      capistrano-sidekiq
      capistrano3-unicorn
      slackistrano (~> 3.1.0)
    openteam-commons (0.3.3.3)
      airbrake
      configliere
      rails
      unicorn
      whenever
    options (2.3.2)
    paper_trail (5.2.0)
      activerecord (>= 3.0, < 6.0)
      activesupport (>= 3.0, < 6.0)
      request_store (~> 1.1)
    paperclip (4.3.6)
      activemodel (>= 3.2.0)
      activesupport (>= 3.2.0)
      cocaine (~> 0.5.5)
      mime-types
      mimemagic (= 0.3.0)
    pg (0.18.4)
    pr_geohash (1.0.0)
    progress_bar (1.0.5)
      highline (~> 1.6)
      options (~> 2.3.0)
    quiet_assets (1.1.0)
      railties (>= 3.1, < 5.0)
    rack (1.6.4)
    rack-cache (1.5.1)
      rack (>= 0.4)
    rack-protection (1.5.3)
      rack
    rack-test (0.6.3)
      rack (>= 1.0)
    rack-utf8_sanitizer (1.3.2)
      rack (>= 1.0, < 3.0)
    rails (4.2.7.1)
      actionmailer (= 4.2.7.1)
      actionpack (= 4.2.7.1)
      actionview (= 4.2.7.1)
      activejob (= 4.2.7.1)
      activemodel (= 4.2.7.1)
      activerecord (= 4.2.7.1)
      activesupport (= 4.2.7.1)
      bundler (>= 1.3.0, < 2.0)
      railties (= 4.2.7.1)
      sprockets-rails
    rails-assets-angucomplete-alt (2.2.0)
      rails-assets-angular (>= 1.4.0)
    rails-assets-angular (1.5.7)
    rails-assets-angular-bootstrap (2.0.0)
      rails-assets-angular (>= 1.4.0)
    rails-assets-angular-ui-router (0.3.1)
      rails-assets-angular (>= 1.0.8, < 2)
    rails-assets-angular-ui-sortable (0.14.0)
      rails-assets-angular (>= 1.2)
      rails-assets-jquery-ui (>= 1.9)
    rails-assets-bootstrap-datepicker (1.6.1)
      rails-assets-jquery (>= 1.7.1)
    rails-assets-chosen (1.4.2)
      rails-assets-jquery (>= 1.4.4)
    rails-assets-galleria (1.4.2)
    rails-assets-jcarousel (0.3.4)
      rails-assets-jquery (>= 1.7)
    rails-assets-jquery (2.1.4)
    rails-assets-jquery-animatenumber (0.0.13)
      rails-assets-jquery (>= 1.7.0)
    rails-assets-jquery-touchswipe (1.6.15)
    rails-assets-jquery-ui (1.11.4)
      rails-assets-jquery (>= 1.6)
    rails-assets-jquery.scrollTo (2.1.2)
      rails-assets-jquery (>= 1.8)
    rails-assets-moment (2.14.1)
    rails-assets-ng-file-upload (12.0.4)
      rails-assets-angular (> 1.2.0)
    rails-assets-sugar (1.4.1)
    rails-assets-tinyscrollbar (2.4.2)
    rails-assets-waypoints (4.0.0)
    rails-deprecated_sanitizer (1.0.3)
      activesupport (>= 4.2.0.alpha)
    rails-dom-testing (1.0.7)
      activesupport (>= 4.2.0.beta, < 5.0)
      nokogiri (~> 1.6.0)
      rails-deprecated_sanitizer (>= 1.0.1)
    rails-html-sanitizer (1.0.3)
      loofah (~> 2.0)
    railties (4.2.7.1)
      actionpack (= 4.2.7.1)
      activesupport (= 4.2.7.1)
      rake (>= 0.8.7)
      thor (>= 0.18.1, < 2.0)
    raindrops (0.17.0)
    rake (11.3.0)
    ranked-model (0.4.0)
      activerecord (>= 3.1.12)
    rb-fsevent (0.9.6)
    rb-inotify (0.9.5)
      ffi (>= 0.5.0)
    recaptcha (1.0.2)
      json
    redcarpet (3.3.3)
    redis (3.3.1)
    redis-session-store (0.8.0)
      actionpack (>= 3, < 5)
      redis
    request_store (1.3.1)
    rest-client (1.8.0)
      http-cookie (>= 1.0.2, < 2.0)
      mime-types (>= 1.16, < 3.0)
      netrc (~> 0.7)
    rest-client-components (1.4.0)
      rack (>= 1.0.1)
      rest-client (>= 1.6.0)
    rinku (1.5.1)
    rsolr (1.1.1)
      builder (>= 2.1.2)
    rspec-core (3.4.1)
      rspec-support (~> 3.4.0)
    rspec-expectations (3.4.0)
      diff-lcs (>= 1.2.0, < 2.0)
      rspec-support (~> 3.4.0)
    rspec-mocks (3.4.0)
      diff-lcs (>= 1.2.0, < 2.0)
      rspec-support (~> 3.4.0)
    rspec-rails (3.4.0)
      actionpack (>= 3.0, < 4.3)
      activesupport (>= 3.0, < 4.3)
      railties (>= 3.0, < 4.3)
      rspec-core (~> 3.4.0)
      rspec-expectations (~> 3.4.0)
      rspec-mocks (~> 3.4.0)
      rspec-support (~> 3.4.0)
    rspec-support (3.4.1)
    ruby2ruby (2.2.0)
      ruby_parser (~> 3.1)
      sexp_processor (~> 4.0)
    ruby_parser (3.7.2)
      sexp_processor (~> 4.1)
    russian (0.6.0)
      i18n (>= 0.5.0)
    ryba (0.1.2)
    safe_yaml (1.0.4)
    sass (3.4.19)
    sass-rails (5.0.4)
      railties (>= 4.0.0, < 5.0)
      sass (~> 3.1)
      sprockets (>= 2.8, < 4.0)
      sprockets-rails (>= 2.0, < 4.0)
      tilt (>= 1.1, < 3)
    sexp_processor (4.6.0)
    sidekiq (4.1.1)
      concurrent-ruby (~> 1.0)
      connection_pool (~> 2.2, >= 2.2.0)
      redis (~> 3.2, >= 3.2.1)
    simple-navigation (4.0.3)
      activesupport (>= 2.3.2)
    simple_form (3.2.0)
      actionpack (~> 4.0)
      activemodel (~> 4.0)
    sinatra (1.4.7)
      rack (~> 1.5)
      rack-protection (~> 1.4)
      tilt (>= 1.3, < 3)
    sitemap_generator (5.1.0)
      builder
    slackistrano (3.1.0)
      capistrano (>= 3.5.0)
    slim (3.0.6)
      temple (~> 0.7.3)
      tilt (>= 1.3.3, < 2.1)
    sprockets (2.12.4)
      hike (~> 1.2)
      multi_json (~> 1.0)
      rack (~> 1.0)
      tilt (~> 1.1, != 1.3.0)
    sprockets-rails (2.3.3)
      actionpack (>= 3.0)
      activesupport (>= 3.0)
      sprockets (>= 2.8, < 4.0)
    sqlite3 (1.3.11)
    sshkit (1.10.0)
      net-scp (>= 1.1.2)
      net-ssh (>= 2.8.0)
    stop_ie (0.1.5)
      jquery-rails
      sass-rails (>= 3.2)
    sunspot (2.2.5)
      pr_geohash (~> 1.0)
      rsolr (~> 1.1.1)
    sunspot_rails (2.2.5)
      nokogiri
      rails (>= 3)
      sunspot (= 2.2.5)
    temple (0.7.6)
    terminal-table (1.5.2)
    thor (0.19.1)
    thread_safe (0.3.5)
    tilt (1.4.1)
    time_diff (0.3.0)
      activesupport
      i18n
    truncate_html (0.9.3)
    tusur_cdn (0.1.1)
      activesupport
      configliere
      hashie
      redis
      rest-client
    tusur_header (0.2.9)
      bootstrap-sass
      coffee-rails
      compass-rails
      configliere
      jquery-rails
      rails (>= 4.0, < 6.0)
      rest-client
      sass-rails (>= 3.2)
      stop_ie (>= 0.1.5)
      tusur_cdn
    tzinfo (1.2.2)
      thread_safe (~> 0.1)
    uglifier (2.7.2)
      execjs (>= 0.3.0)
      json (>= 1.8.0)
    unf (0.1.4)
      unf_ext
    unf_ext (0.0.7.1)
    unicorn (5.1.0)
      kgio (~> 2.6)
      raindrops (~> 0.7)
    webrobots (0.1.2)
    whenever (0.9.7)
      chronic (>= 0.6.3)
    yajl-ruby (1.2.1)
    yt (0.25.12)
      activesupport

PLATFORMS
  ruby

DEPENDENCIES
  aasm
  angular-rails-templates
  angular_rails_csrf
  angularjs-file-upload-rails (~> 2.2.0)
  annotate
  attribute_normalizer
  auth_client!
  auth_redis_user_connector!
  auto_html
  awesome_print
  bootstrap-sass
  brakeman
  cancancan
  capistrano-auth-subscriber
  coffee-rails
  compass-rails
  enumerize
  esp-commons
  font-awesome-rails
  foreman
  friendly_id
  geoip
  gilenson
  gravtastic
  hashie
  jbuilder
  jquery-colorbox-rails
  jquery-rails (~> 2.1.4)
  jquery-ui-rails
  kaminari
  letter_opener
  mechanize
  ngannotate-rails
  nokogiri
  non-stupid-digest-assets
  openteam-capistrano (~> 1.0.16)
  openteam-commons (~> 0.3.3)
  paper_trail
  paperclip
  pg
  postman-client!
  progress_bar
  quiet_assets
  rack-cache
  rack-utf8_sanitizer
  rails (~> 4.2.0)
  rails-assets-angucomplete-alt!
  rails-assets-angular!
  rails-assets-angular-bootstrap!
  rails-assets-angular-ui-router!
  rails-assets-angular-ui-sortable!
  rails-assets-bootstrap-datepicker!
  rails-assets-chosen!
  rails-assets-galleria!
  rails-assets-jcarousel!
  rails-assets-jquery-animatenumber!
  rails-assets-jquery-touchswipe!
  rails-assets-jquery.scrollTo!
  rails-assets-moment!
  rails-assets-ng-file-upload!
  rails-assets-sugar!
  rails-assets-tinyscrollbar!
  rails-assets-waypoints!
  ranked-model
  recaptcha
  redis-session-store
  rest-client (~> 1.8.0)
  rest-client-components
  rspec-rails
  russian
  ryba
  sass-rails
  sidekiq
  simple-navigation
  simple_form
  sinatra
  sitemap_generator
  sqlite3
  stop_ie
  sunspot_rails
  time_diff
  truncate_html
  tusur_header (~> 0.2.9)
  uglifier
  unicorn
  whenever
  yajl-ruby
  yt

BUNDLED WITH
   1.13.6
